GEM
  specs:
    rake (10.0.3)
    vim-update-bundles (0.8)

PLATFORMS
  ruby

DEPENDENCIES
  rake
  vim-update-bundles
